GEM
  remote: https://rubygems.org/
  specs:
    bson (1.9.2)
    bson_ext (1.9.2)
      bson (~> 1.9.2)
    mime-types (1.23)
    mongo (1.9.2)
      bson (~> 1.9.2)
    rack (1.5.2)
    rest-client (1.6.7)
      mime-types (>= 1.16)
    sinatra (1.1.0)
      rack (~> 1.1)
      tilt (~> 1.1)
    tilt (1.4.1)

PLATFORMS
  ruby

DEPENDENCIES
  bson_ext (~> 1.9.2)
  mongo (~> 1.9.2)
  rack
  rest-client (~> 1.6.7)
  sinatra (= 1.1.0)
