GEM
  remote: https://rubygems.org/
  specs:
    activesupport (3.1.12)
      multi_json (~> 1.0)
    bson (1.9.2)
    bson_ext (1.9.2)
      bson (~> 1.9.2)
    builder (3.2.2)
    curb (0.7.18)
    feedzirra (0.1.3)
      activesupport (~> 3.1.1)
      builder (>= 2.1.2)
      curb (~> 0.7.15)
      i18n (>= 0.5.0)
      loofah (~> 1.2.0)
      nokogiri (>= 1.4.4)
      rake (>= 0.8.7)
      rdoc (~> 3.8)
      sax-machine (~> 0.1.0)
    i18n (0.6.5)
    json (1.8.0)
    loofah (1.2.1)
      nokogiri (>= 1.4.4)
    mime-types (1.23)
    mini_portile (0.5.1)
    mongo (1.9.2)
      bson (~> 1.9.2)
    multi_json (1.8.0)
    newrelic_rpm (3.6.7.152)
    nokogiri (1.6.0)
      mini_portile (~> 0.5.0)
    oauth (0.4.7)
    rack (1.5.2)
    rack-protection (1.5.0)
      rack
    rake (10.1.0)
    rdoc (3.12.2)
      json (~> 1.4)
    rest-client (1.6.7)
      mime-types (>= 1.16)
    sax-machine (0.1.0)
      nokogiri (> 0.0.0)
    sinatra (1.4.3)
      rack (~> 1.4)
      rack-protection (~> 1.4)
      tilt (~> 1.3, >= 1.3.4)
    tilt (1.4.1)

PLATFORMS
  ruby

DEPENDENCIES
  bson_ext (~> 1.9.2)
  feedzirra (~> 0.1.3)
  mongo (~> 1.9.2)
  newrelic_rpm (~> 3.6.7.152)
  oauth (~> 0.4.7)
  rack (~> 1.5.2)
  rest-client (~> 1.6.7)
  sinatra (= 1.4.3)
